GEM
  remote: https://rubygems.org/
  specs:
    chunky_png (1.2.8)
    coffee-script (2.2.0)
      coffee-script-source
      execjs
    coffee-script-source (1.6.2)
    compass (0.12.2)
      chunky_png (~> 1.2)
      fssm (>= 0.2.7)
      sass (~> 3.1)
    dotenv (0.7.0)
    execjs (1.4.0)
      multi_json (~> 1.0)
    foreman (0.63.0)
      dotenv (>= 0.7)
      thor (>= 0.13.6)
    fssm (0.2.10)
    json (1.8.0)
    multi_json (1.7.3)
    rack (1.5.2)
    rake (0.9.6)
    rake-pipeline (0.7.0)
      json
      rake (~> 0.9.0)
      thor
    rake-pipeline-web-filters (0.7.0)
      rack
      rake-pipeline (~> 0.6)
    sass (3.2.9)
    thor (0.18.1)

PLATFORMS
  ruby

DEPENDENCIES
  coffee-script
  compass
  foreman
  rake-pipeline
  rake-pipeline-web-filters
  sass
